GIT
  remote: https://github.com/apcera/yarjuf
  revision: 910ec8cd491e8c3b1609b97c17665520a4c0ff24
  specs:
    yarjuf (2.0.0)
      builder
      rspec (~> 3)

GIT
  remote: https://github.com/sinisterchipmunk/rspec-prof
  revision: 7e0cde7ebeb6b291ef4a35f09d8e1c3cfdac3ff5
  specs:
    rspec-prof (0.0.6)
      rspec (~> 3.0)
      ruby-prof

GEM
  remote: https://rubygems.org/
  specs:
    builder (3.2.2)
    diff-lcs (1.2.5)
    faraday (0.9.2)
      multipart-post (>= 1.2, < 3)
    httparty (0.13.7)
      json (~> 1.8)
      multi_xml (>= 0.5.2)
    json (1.8.3)
    jsonrpc-client (0.1.3)
      faraday
      multi_json (>= 1.1.0)
    multi_json (1.11.2)
    multi_xml (0.5.5)
    multipart-post (2.0.0)
    net_http_unix (0.2.1)
    rake (10.5.0)
    rspec (3.1.0)
      rspec-core (~> 3.1.0)
      rspec-expectations (~> 3.1.0)
      rspec-mocks (~> 3.1.0)
    rspec-core (3.1.7)
      rspec-support (~> 3.1.0)
    rspec-expectations (3.1.2)
      diff-lcs (>= 1.2.0, < 2.0)
      rspec-support (~> 3.1.0)
    rspec-legacy_formatters (1.0.1)
      rspec (~> 3.0)
    rspec-mocks (3.1.3)
      rspec-support (~> 3.1.0)
    rspec-support (3.1.2)
    ruby-prof (0.15.9)

PLATFORMS
  ruby

DEPENDENCIES
  httparty
  jsonrpc-client
  net_http_unix
  rake
  rspec (~> 3.1.0)
  rspec-legacy_formatters
  rspec-prof!
  yarjuf!

BUNDLED WITH
   1.11.2
